PATH
  remote: .
  specs:
    rdio-cli (0.0.1)
      gli (= 2.5.2)
      highline (~> 1.6.15)
      launchy (~> 2.1.2)

GEM
  remote: http://rubygems.org/
  specs:
    addressable (2.3.2)
    crack (0.3.1)
    diff-lcs (1.1.3)
    gli (2.5.2)
    highline (1.6.15)
    json (1.7.5)
    launchy (2.1.2)
      addressable (~> 2.3)
    rake (10.0.1)
    rdoc (3.12)
      json (~> 1.4)
    rspec (2.12.0)
      rspec-core (~> 2.12.0)
      rspec-expectations (~> 2.12.0)
      rspec-mocks (~> 2.12.0)
    rspec-core (2.12.2)
    rspec-expectations (2.12.0)
      diff-lcs (~> 1.1.3)
    rspec-mocks (2.12.0)
    webmock (1.8.7)
      addressable (>= 2.2.7)
      crack (>= 0.1.7)

PLATFORMS
  ruby

DEPENDENCIES
  rake
  rdio-cli!
  rdoc
  rspec (~> 2.12.0)
  rspec-mocks (~> 2.12.0)
  webmock
